RESTRICTION: == net462
NUGET
  remote: https://www.nuget.org/api/v2
    Castle.Core (4.4)
    LibGit2Sharp (0.25.4)
    Microsoft.AspNet.WebApi.Client (5.2.7)
      Newtonsoft.Json (>= 6.0.4)
    Microsoft.AspNet.WebApi.Core (5.2.7)
      Microsoft.AspNet.WebApi.Client (>= 5.2.7)
    Microsoft.Azure.Services.AppAuthentication (1.0.3)
      Microsoft.IdentityModel.Clients.ActiveDirectory (>= 3.14.2)
    Microsoft.IdentityModel.Clients.ActiveDirectory (5.0.5)
    Microsoft.IdentityModel.JsonWebTokens (5.4)
      Microsoft.IdentityModel.Tokens (>= 5.4)
      Newtonsoft.Json (>= 10.0.1)
    Microsoft.IdentityModel.Logging (5.4)
    Microsoft.IdentityModel.Tokens (5.4)
      Microsoft.IdentityModel.Logging (>= 5.4)
      Newtonsoft.Json (>= 10.0.1)
    Microsoft.TeamFoundation.DistributedTask.Common.Contracts (15.131.1)
      Microsoft.VisualStudio.Services.Client (15.131.1)
    Microsoft.TeamFoundationServer.Client (15.131.1)
      Microsoft.AspNet.WebApi.Client (>= 5.2.3)
      Microsoft.TeamFoundation.DistributedTask.Common.Contracts (15.131.1)
      Microsoft.VisualStudio.Services.Client (15.131.1)
      Newtonsoft.Json (>= 9.0.1)
    Microsoft.TeamFoundationServer.ExtendedClient (15.131.1)
      Microsoft.AspNet.WebApi.Client (>= 5.2.3)
      Microsoft.AspNet.WebApi.Core (>= 5.2.3)
      Microsoft.IdentityModel.Clients.ActiveDirectory (>= 3.17.2)
      Microsoft.TeamFoundationServer.Client (15.131.1)
      Microsoft.VisualStudio.Services.Client (15.131.1)
      Microsoft.VisualStudio.Services.InteractiveClient (15.131.1)
      Newtonsoft.Json (>= 9.0.1)
      System.IdentityModel.Tokens.Jwt (>= 5.1.5)
    Microsoft.VisualStudio.Services.Client (15.131.1)
      Microsoft.AspNet.WebApi.Client (>= 5.2.3)
      Newtonsoft.Json (>= 9.0.1)
    Microsoft.VisualStudio.Services.InteractiveClient (15.131.1)
      Microsoft.IdentityModel.Clients.ActiveDirectory (>= 3.17.2)
      Microsoft.IdentityModel.Logging (>= 1.1.5)
      Microsoft.IdentityModel.Tokens (>= 5.1.5)
      Microsoft.VisualStudio.Services.Client (15.131.1)
      Newtonsoft.Json (>= 9.0.1)
      System.IdentityModel.Tokens.Jwt (>= 5.1.5)
      WindowsAzure.ServiceBus (>= 3.3.2)
    Microsoft.VisualStudio.Setup.Configuration.Interop (1.16.30)
    Moq (4.10.1)
      Castle.Core (>= 4.3.1)
      System.Threading.Tasks.Extensions (>= 4.5.1)
    Newtonsoft.Json (12.0.2)
    NLog (4.6.3)
    structuremap (2.6.3)
    structuremap.automocking (2.6.3)
      structuremap (>= 2.6.2)
    System.IdentityModel.Tokens.Jwt (5.4)
      Microsoft.IdentityModel.JsonWebTokens (>= 5.4)
      Microsoft.IdentityModel.Tokens (>= 5.4)
      Newtonsoft.Json (>= 10.0.1)
    System.Runtime.CompilerServices.Unsafe (4.5.2)
    System.Threading.Tasks.Extensions (4.5.2)
      System.Runtime.CompilerServices.Unsafe (>= 4.5.2)
    WindowsAzure.ServiceBus (5.2)
      Microsoft.Azure.Services.AppAuthentication (>= 1.0.3)
      Microsoft.IdentityModel.Clients.ActiveDirectory (>= 3.19.8)
      System.IdentityModel.Tokens.Jwt (>= 4.0.4.403061554)
    WixSharp (1.0.22.3)
    xunit (2.4.1)
      xunit.analyzers (>= 0.10)
      xunit.assert (2.4.1)
      xunit.core (2.4.1)
    xunit.abstractions (2.0.3)
    xunit.analyzers (0.10)
    xunit.assert (2.4.1)
    xunit.core (2.4.1)
      xunit.extensibility.core (2.4.1)
      xunit.extensibility.execution (2.4.1)
    xunit.extensibility.core (2.4.1)
      xunit.abstractions (>= 2.0.3)
    xunit.extensibility.execution (2.4.1)
      xunit.extensibility.core (2.4.1)
    xunit.runner.visualstudio (2.4.1) - version_in_path: true

GROUP Build
REDIRECTS: OFF
RESTRICTION: == net45
NUGET
  remote: https://www.nuget.org/api/v2
    Cake (0.33)
    Cake.Git (0.19)
    GitVersion.CommandLine (4.0)
    Octokit (0.32)
    Octokit.CodeFormatter (1.0.0-preview)
    OpenCover (4.7.922)
    ReportGenerator (4.1.5)
    xunit.runner.console (2.4.1)
